GEM
  remote: https://rubygems.org/
  specs:
    benchable (0.3.1)
      benchmark-ips (~> 2.8, >= 2.8.2)
      benchmark-memory (~> 0.1.2)
    benchmark-ips (2.14.0)
    benchmark-memory (0.1.2)
      memory_profiler (~> 0.9)
    memory_profiler (0.9.14)

PLATFORMS
  ruby
  x86_64-darwin-24

DEPENDENCIES
  benchable

BUNDLED WITH
   2.6.5
